PATH
  remote: .
  specs:
    viberroo (0.3.4)
      recursive-open-struct (~> 1.1.1)

GEM
  remote: https://rubygems.org/
  specs:
    addressable (2.8.0)
      public_suffix (>= 2.0.2, < 5.0)
    byebug (11.1.3)
    crack (0.4.5)
      rexml
    diff-lcs (1.4.4)
    hashdiff (1.0.1)
    public_suffix (4.0.6)
    rake (12.3.3)
    recursive-open-struct (1.1.3)
    redcarpet (3.5.1)
    rexml (3.2.5)
    rspec (3.10.0)
      rspec-core (~> 3.10.0)
      rspec-expectations (~> 3.10.0)
      rspec-mocks (~> 3.10.0)
    rspec-core (3.10.1)
      rspec-support (~> 3.10.0)
    rspec-expectations (3.10.1)
      diff-lcs (>= 1.2.0, < 2.0)
      rspec-support (~> 3.10.0)
    rspec-mocks (3.10.1)
      diff-lcs (>= 1.2.0, < 2.0)
      rspec-support (~> 3.10.0)
    rspec-support (3.10.1)
    webmock (3.11.0)
      addressable (>= 2.3.6)
      crack (>= 0.3.2)
      hashdiff (>= 0.4.0, < 2.0.0)
    yard (0.9.26)

PLATFORMS
  ruby

DEPENDENCIES
  byebug
  rake (~> 12.0)
  redcarpet
  rspec (~> 3.0)
  viberroo!
  webmock
  yard

BUNDLED WITH
   2.2.5
